GEM
  remote: http://rubygems.org/
  specs:
    archive-tar-minitar (0.5.2)
    childprocess (0.3.9)
      ffi (~> 1.0, >= 1.0.11)
    erubis (2.7.0)
    facter (1.6.10)
    ffi (1.11.1)
    i18n (0.6.0)
    json (1.5.4)
    librarian-puppet (0.9.2)
      json
      puppet
      thor (~> 0.15)
    log4r (1.1.10)
    net-scp (1.0.4)
      net-ssh (>= 1.99.1)
    net-ssh (2.2.2)
    puppet (2.7.16)
      facter (~> 1.5)
    rake (0.9.2.2)
    thor (0.15.4)
    vagrant (1.0.3)
      archive-tar-minitar (= 0.5.2)
      childprocess (~> 0.3.1)
      erubis (~> 2.7.0)
      i18n (~> 0.6.0)
      json (~> 1.5.1)
      log4r (~> 1.1.9)
      net-scp (~> 1.0.4)
      net-ssh (~> 2.2.2)

PLATFORMS
  ruby

DEPENDENCIES
  librarian-puppet (>= 0.9.2)
  puppet
  rake
  vagrant
